GEM
  remote: https://rubygems.org/
  specs:
    ansi (1.4.3)
    growl (1.0.3)
    minitest (4.5.0)
    minitest-ansi (0.1.1)
      ansi (~> 1.4.0)
      minitest (~> 4.3)
    minitest-growl (0.0.3)
      growl
      minitest
    minitest-matchers (1.2.0)
      minitest (>= 2.5.0)

PLATFORMS
  java
  ruby

DEPENDENCIES
  minitest
  minitest-ansi
  minitest-growl
  minitest-matchers
